PATH
  remote: .
  specs:
    deep_hash_struct (0.1.7)

GEM
  remote: https://rubygems.org/
  specs:
    minitest (5.14.1)
    rake (10.5.0)

PLATFORMS
  ruby

DEPENDENCIES
  bundler (~> 1.17)
  deep_hash_struct!
  minitest (~> 5.0)
  rake (~> 10.0)

BUNDLED WITH
   1.17.3
